GIT
  remote: git://github.com/conceptric/cyberstruction-wordpress.git
  revision: a632ff489597dfc8f8da1e88bb61956ddd9c5748
  specs:
    cyberstruction_wordpress (0.4.1)
      capistrano
      capistrano-ext
      cyberstruction_deploy

GIT
  remote: git://github.com/conceptric/cyberstruction_deploy.git
  revision: 80c4bf7bbedce9ead8b437016f36c0aee8436a6f
  specs:
    cyberstruction_deploy (0.4.1)
      capistrano
      capistrano-ext
      rake

GEM
  remote: http://rubygems.org/
  specs:
    capistrano (2.15.5)
      highline
      net-scp (>= 1.0.0)
      net-sftp (>= 2.0.0)
      net-ssh (>= 2.0.14)
      net-ssh-gateway (>= 1.1.0)
    capistrano-ext (1.2.1)
      capistrano (>= 1.0.0)
    highline (1.7.8)
    net-scp (1.2.1)
      net-ssh (>= 2.6.5)
    net-sftp (2.1.2)
      net-ssh (>= 2.6.5)
    net-ssh (4.0.1)
    net-ssh-gateway (1.2.0)
      net-ssh (>= 2.6.5)
    rake (12.0.0)
    rvm (1.11.3.9)
    rvm-capistrano (1.5.1)
      capistrano (~> 2.15.4)

PLATFORMS
  ruby

DEPENDENCIES
  bundler (~> 1.0)
  capistrano (= 2.15.5)
  capistrano-ext (= 1.2.1)
  cyberstruction_deploy (~> 0.0)!
  cyberstruction_wordpress (~> 0.0)!
  rake
  rvm (= 1.11.3.9)
  rvm-capistrano (= 1.5.1)

BUNDLED WITH
   1.13.7
