GIT
  remote: git://github.com/conceptric/cyberstruction-wordpress.git
  revision: 76e7ce61dd6640f5f36a1fce96c3cbfe3521a0b6
  specs:
    cyberstruction_wordpress (0.2)
      capistrano
      capistrano-ext
      cyberstruction_deploy

GIT
  remote: git://github.com/conceptric/cyberstruction_deploy.git
  revision: b14a44e53476a00771c84e498367ec14e894ca9c
  specs:
    cyberstruction_deploy (0.3.1)
      capistrano
      capistrano-ext
      rake

GEM
  remote: http://rubygems.org/
  specs:
    capistrano (2.15.5)
      highline
      net-scp (>= 1.0.0)
      net-sftp (>= 2.0.0)
      net-ssh (>= 2.0.14)
      net-ssh-gateway (>= 1.1.0)
    capistrano-ext (1.2.1)
      capistrano (>= 1.0.0)
    highline (1.6.20)
    net-scp (1.1.2)
      net-ssh (>= 2.6.5)
    net-sftp (2.1.2)
      net-ssh (>= 2.6.5)
    net-ssh (2.8.0)
    net-ssh-gateway (1.2.0)
      net-ssh (>= 2.6.5)
    rake (10.1.1)
    rvm (1.11.3.9)
    rvm-capistrano (1.5.1)
      capistrano (~> 2.15.4)

PLATFORMS
  ruby

DEPENDENCIES
  bundler (~> 1.0)
  capistrano (= 2.15.5)
  capistrano-ext (= 1.2.1)
  cyberstruction_deploy (~> 0.0)!
  cyberstruction_wordpress (~> 0.0)!
  rake
  rvm (= 1.11.3.9)
  rvm-capistrano (= 1.5.1)
